PATH
  remote: .
  specs:
    statistic_cool (0.1.0)

GEM
  remote: https://rubygems.org/
  specs:
    rake (10.4.2)

PLATFORMS
  ruby

DEPENDENCIES
  bundler (~> 1.16.a)
  rake (~> 10.0)
  statistic_cool!

BUNDLED WITH
   1.16.0.pre.2
